PATH
  remote: .
  specs:
    gem-diff (0.0.0)

GEM
  remote: https://rubygems.org/
  specs:
    ast (2.4.0)
    bump (0.7.0)
    jaro_winkler (1.5.2)
    maxitest (3.1.0)
      minitest (>= 5.0.0, < 5.12.0)
    minitest (5.11.3)
    parallel (1.13.0)
    parser (2.6.0.0)
      ast (~> 2.4.0)
    powerpack (0.1.2)
    rainbow (3.0.0)
    rake (12.3.2)
    rubocop (0.64.0)
      jaro_winkler (~> 1.5.1)
      parallel (~> 1.10)
      parser (>= 2.5, != 2.5.1.1)
      powerpack (~> 0.1)
      rainbow (>= 2.2.2, < 4.0)
      ruby-progressbar (~> 1.7)
      unicode-display_width (~> 1.4.0)
    ruby-progressbar (1.10.0)
    single_cov (1.3.0)
    unicode-display_width (1.4.1)

PLATFORMS
  ruby

DEPENDENCIES
  bump
  gem-diff!
  maxitest
  rake
  rubocop
  single_cov

BUNDLED WITH
   1.16.0
